GEM
  remote: http://rubygems.org/
  specs:
    actionpack (2.3.11)
      activesupport (= 2.3.11)
      rack (~> 1.1.0)
    activesupport (2.3.11)
    fakeweb (1.3.0)
    git (1.2.5)
    jeweler (1.8.4)
      bundler (~> 1.0)
      git (>= 1.2.5)
      rake
      rdoc
    json (1.5.1)
    mocha (0.9.12)
    rack (1.1.2)
    rake (0.8.7)
    rdoc (3.12)
      json (~> 1.4)
    redgreen (1.2.2)
    shoulda (2.11.3)

PLATFORMS
  ruby

DEPENDENCIES
  actionpack (= 2.3.11)
  fakeweb
  jeweler
  json
  mocha
  rake (>= 0.8.7)
  redgreen
  shoulda
