GEM
  remote: http://rubygems.org/
  specs:
    actionpack (2.3.11)
      activesupport (= 2.3.11)
      rack (~> 1.1.0)
    activesupport (2.3.11)
    fakeweb (1.3.0)
    json (1.5.1)
    mocha (0.9.12)
    rack (1.1.2)
    rake (0.8.7)
    redgreen (1.2.2)
    shoulda (2.11.3)

PLATFORMS
  ruby

DEPENDENCIES
  actionpack (= 2.3.11)
  fakeweb
  json
  mocha
  rake (>= 0.8.7)
  redgreen
  shoulda
