GEM
  remote: http://rubygems.org/
  specs:
    actionpack (3.2.8)
      activemodel (= 3.2.8)
      activesupport (= 3.2.8)
      builder (~> 3.0.0)
      erubis (~> 2.7.0)
      journey (~> 1.0.4)
      rack (~> 1.4.0)
      rack-cache (~> 1.2)
      rack-test (~> 0.6.1)
      sprockets (~> 2.1.3)
    activemodel (3.2.8)
      activesupport (= 3.2.8)
      builder (~> 3.0.0)
    activesupport (3.2.8)
      i18n (~> 0.6)
      multi_json (~> 1.0)
    builder (3.0.3)
    erubis (2.7.0)
    fakeweb (1.3.0)
    git (1.2.5)
    hike (1.2.1)
    i18n (0.6.1)
    jeweler (1.8.4)
      bundler (~> 1.0)
      git (>= 1.2.5)
      rake
      rdoc
    journey (1.0.4)
    json (1.7.5)
    metaclass (0.0.1)
    mocha (0.12.7)
      metaclass (~> 0.0.1)
    multi_json (1.3.6)
    rack (1.4.1)
    rack-cache (1.2)
      rack (>= 0.4)
    rack-test (0.6.2)
      rack (>= 1.0)
    rake (0.9.2.2)
    rdoc (3.12)
      json (~> 1.4)
    shoulda (3.3.0)
      shoulda-context (~> 1.0)
      shoulda-matchers (~> 1.4)
    shoulda-context (1.0.0)
    shoulda-matchers (1.4.0)
      activesupport (>= 3.0.0)
    sprockets (2.1.3)
      hike (~> 1.2)
      rack (~> 1.0)
      tilt (~> 1.1, != 1.3.0)
    tilt (1.3.3)

PLATFORMS
  ruby

DEPENDENCIES
  actionpack (= 3.2.8)
  fakeweb
  jeweler
  json
  mocha
  rake
  shoulda
